GIT
  remote: git://github.com/sinatra/sinatra.git
  revision: d1e72d30b4a7572922781543cf8d12e9a0cb6710
  specs:
    sinatra (1.4.0)
      rack (~> 1.3, >= 1.3.6)
      rack-protection (~> 1.2)
      tilt (~> 1.3, >= 1.3.3)

GEM
  remote: http://rubygems.org/
  specs:
    beanstalk-client (1.1.1)
    erubis (2.7.0)
    rack (1.4.1)
    rack-protection (1.2.0)
      rack
    rake (0.9.2.2)
    tilt (1.3.3)

PLATFORMS
  ruby

DEPENDENCIES
  beanstalk-client
  erubis
  rake
  sinatra!
